PATH
  remote: .
  specs:
    transfermarkt (0.1.0)
      nokogiri
      pastel
      terminal-table
      tty

GEM
  remote: https://rubygems.org/
  specs:
    coderay (1.1.2)
    equatable (0.6.1)
    method_source (0.9.2)
    mini_portile2 (2.4.0)
    nokogiri (1.10.4)
      mini_portile2 (~> 2.4.0)
    pastel (0.7.3)
      equatable (~> 0.6)
      tty-color (~> 0.5)
    pry (0.12.2)
      coderay (~> 1.1.0)
      method_source (~> 0.9.0)
    rake (10.5.0)
    terminal-table (1.8.0)
      unicode-display_width (~> 1.1, >= 1.1.1)
    tty (0.1.0)
    tty-color (0.5.0)
    unicode-display_width (1.6.0)

PLATFORMS
  ruby

DEPENDENCIES
  bundler (~> 2.0)
  pry
  rake (~> 10.0)
  transfermarkt!

BUNDLED WITH
   2.0.1
